GIT
  remote: https://github.com/mitchellh/vagrant.git
  revision: 22795b161bf67a4c0ebbe32c9ce8777cb888c4a7
  specs:
    vagrant (2.2.11.dev)
      bcrypt_pbkdf (~> 1.0.0)
      childprocess (~> 4.0.0)
      ed25519 (~> 1.2.4)
      erubi
      hashicorp-checkpoint (~> 0.1.5)
      i18n (~> 1.8)
      listen (~> 3.1)
      log4r (~> 1.1.9, < 1.1.11)
      mime (~> 0.4.4)
      net-scp (~> 1.2.0)
      net-sftp (~> 3.0)
      net-ssh (~> 6.0)
      rb-kqueue (~> 0.2.0)
      rest-client (>= 1.6.0, < 3.0)
      ruby_dep (<= 1.3.1)
      rubyzip (~> 2.0)
      vagrant_cloud (~> 2.0.3)
      wdm (~> 0.1.0)
      winrm (>= 2.3.4, < 3.0)
      winrm-elevated (>= 1.2.1, < 2.0)
      winrm-fs (>= 1.3.4, < 2.0)

PATH
  remote: .
  specs:
    vagrant-vmware-free (0.0.1)
      CFPropertyList (~> 2.0)
      ffi (>= 1.9.3, < 1.16.0)

GEM
  remote: https://rubygems.org/
  specs:
    CFPropertyList (2.3.6)
    bcrypt_pbkdf (1.0.1)
    builder (3.2.4)
    childprocess (4.0.0)
    coderay (1.1.0)
    columnize (0.3.6)
    concurrent-ruby (1.2.2)
    debugger (1.6.2)
      columnize (>= 0.3.1)
      debugger-linecache (~> 1.2.0)
      debugger-ruby_core_source (~> 1.2.3)
    debugger-linecache (1.2.0)
    debugger-ruby_core_source (1.2.4)
    domain_name (0.5.20190701)
      unf (>= 0.0.5, < 1.0.0)
    ed25519 (1.2.4)
    erubi (1.12.0)
    ffi (1.15.5)
    gssapi (1.3.1)
      ffi (>= 1.0.1)
    gyoku (1.4.0)
      builder (>= 2.1.2)
      rexml (~> 3.0)
    hashicorp-checkpoint (0.1.5)
    http-cookie (1.0.5)
      domain_name (~> 0.5)
    httpclient (2.8.3)
    i18n (1.12.0)
      concurrent-ruby (~> 1.0)
    listen (3.8.0)
      rb-fsevent (~> 0.10, >= 0.10.3)
      rb-inotify (~> 0.9, >= 0.9.10)
    little-plugger (1.1.4)
    log4r (1.1.10)
    logging (2.3.1)
      little-plugger (~> 1.1)
      multi_json (~> 1.14)
    method_source (0.8.2)
    mime (0.4.4)
    mime-types (3.4.1)
      mime-types-data (~> 3.2015)
    mime-types-data (3.2023.0218.1)
    multi_json (1.15.0)
    net-scp (1.2.1)
      net-ssh (>= 2.6.5)
    net-sftp (3.0.0)
      net-ssh (>= 5.0.0, < 7.0.0)
    net-ssh (6.1.0)
    netrc (0.11.0)
    nori (2.6.0)
    pry (0.9.12.3)
      coderay (~> 1.0)
      method_source (~> 0.8)
      slop (~> 3.4)
    rake (10.1.0)
    rb-fsevent (0.11.2)
    rb-inotify (0.10.1)
      ffi (~> 1.0)
    rb-kqueue (0.2.8)
      ffi (>= 0.5.0)
    rest-client (2.0.2)
      http-cookie (>= 1.0.2, < 2.0)
      mime-types (>= 1.16, < 4.0)
      netrc (~> 0.8)
    rexml (3.2.5)
    ruby_dep (1.3.1)
    rubyntlm (0.6.3)
    rubyzip (2.3.2)
    slop (3.4.7)
    unf (0.1.4)
      unf_ext
    unf_ext (0.0.8.2)
    vagrant_cloud (2.0.3)
      rest-client (~> 2.0.2)
    wdm (0.1.1)
    winrm (2.3.6)
      builder (>= 2.1.2)
      erubi (~> 1.8)
      gssapi (~> 1.2)
      gyoku (~> 1.0)
      httpclient (~> 2.2, >= 2.2.0.2)
      logging (>= 1.6.1, < 3.0)
      nori (~> 2.0)
      rubyntlm (~> 0.6.0, >= 0.6.3)
    winrm-elevated (1.2.3)
      erubi (~> 1.8)
      winrm (~> 2.0)
      winrm-fs (~> 1.0)
    winrm-fs (1.3.5)
      erubi (~> 1.8)
      logging (>= 1.6.1, < 3.0)
      rubyzip (~> 2.0)
      winrm (~> 2.0)

PLATFORMS
  ruby

DEPENDENCIES
  debugger
  pry
  rake
  vagrant!
  vagrant-vmware-free!
