GIT
  remote: git://github.com/mitchellh/vagrant.git
  revision: bf2b06e1bebddb9d035020fa04e6f6d2f06cff75
  specs:
    vagrant (1.3.6.dev)
      childprocess (~> 0.3.7)
      erubis (~> 2.7.0)
      i18n (~> 0.6.0)
      log4r (~> 1.1.9)
      net-scp (~> 1.1.0)
      net-ssh (~> 2.6.6)

PATH
  remote: .
  specs:
    vagrant-vmware-free (0.0.1)
      CFPropertyList (~> 2.0)
      ffi (~> 1.9.3)

GEM
  remote: https://rubygems.org/
  specs:
    CFPropertyList (2.2.4)
    childprocess (0.3.9)
      ffi (~> 1.0, >= 1.0.11)
    coderay (1.1.0)
    columnize (0.3.6)
    debugger (1.6.2)
      columnize (>= 0.3.1)
      debugger-linecache (~> 1.2.0)
      debugger-ruby_core_source (~> 1.2.3)
    debugger-linecache (1.2.0)
    debugger-ruby_core_source (1.2.4)
    erubis (2.7.0)
    ffi (1.9.3)
    i18n (0.6.5)
    log4r (1.1.10)
    method_source (0.8.2)
    net-scp (1.1.2)
      net-ssh (>= 2.6.5)
    net-ssh (2.6.8)
    pry (0.9.12.3)
      coderay (~> 1.0)
      method_source (~> 0.8)
      slop (~> 3.4)
    rake (13.0.1)
    slop (3.4.7)

PLATFORMS
  ruby

DEPENDENCIES
  debugger
  pry
  rake
  vagrant!
  vagrant-vmware-free!
